GEM
  remote: https://rubygems.org/
  specs:
    activemodel (7.0.3.1)
      activesupport (= 7.0.3.1)
    activerecord (7.0.3.1)
      activemodel (= 7.0.3.1)
      activesupport (= 7.0.3.1)
    activesupport (7.0.3.1)
      concurrent-ruby (~> 1.0, >= 1.0.2)
      i18n (>= 1.6, < 2)
      minitest (>= 5.1)
      tzinfo (~> 2.0)
    addressable (2.8.0)
      public_suffix (>= 2.0.2, < 5.0)
    ast (2.4.2)
    async (2.0.3)
      console (~> 1.10)
      io-event (~> 1.0.0)
      timers (~> 4.1)
    concurrent-ruby (1.1.10)
    console (1.15.3)
      fiber-local
    crack (0.4.5)
      rexml
    database_cleaner-active_record (2.0.1)
      activerecord (>= 5.a)
      database_cleaner-core (~> 2.0.0)
    database_cleaner-core (2.0.1)
    diff-lcs (1.5.0)
    epb-auth-tools (1.0.9)
      jwt (~> 2.3)
      oauth2 (~> 1.4)
    epb_view_models (1.0.19)
      nokogiri (~> 1.11)
      zeitwerk (~> 2.4.2)
    faraday (2.5.1)
      faraday-net_http (>= 2.0, < 3.1)
      ruby2_keywords (>= 0.0.4)
    faraday-net_http (3.0.0)
    fiber-local (1.0.0)
    hashdiff (1.0.1)
    i18n (1.12.0)
      concurrent-ruby (~> 1.0)
    io-event (1.0.9)
    json (2.6.2)
    jwt (2.4.1)
    minitest (5.16.2)
    mock_redis (0.32.0)
      ruby2_keywords
    multi_json (1.15.0)
    multi_xml (0.6.0)
    murmurhash3 (0.1.6)
    nokogiri (1.13.8-arm64-darwin)
      racc (~> 1.4)
    nokogiri (1.13.8-x86_64-linux)
      racc (~> 1.4)
    oauth2 (1.4.10)
      faraday (>= 0.17.3, < 3.0)
      jwt (>= 1.0, < 3.0)
      multi_json (~> 1.3)
      multi_xml (~> 0.5)
      rack (>= 1.2, < 3)
    parallel (1.22.1)
    parser (3.1.2.0)
      ast (~> 2.4.1)
    pg (1.4.2)
    public_suffix (4.0.7)
    racc (1.6.0)
    rack (2.2.4)
    rainbow (3.1.1)
    rake (13.0.6)
    redis (4.7.1)
    regexp_parser (2.5.0)
    rexml (3.2.5)
    rspec (3.11.0)
      rspec-core (~> 3.11.0)
      rspec-expectations (~> 3.11.0)
      rspec-mocks (~> 3.11.0)
    rspec-core (3.11.0)
      rspec-support (~> 3.11.0)
    rspec-expectations (3.11.0)
      diff-lcs (>= 1.2.0, < 2.0)
      rspec-support (~> 3.11.0)
    rspec-mocks (3.11.1)
      diff-lcs (>= 1.2.0, < 2.0)
      rspec-support (~> 3.11.0)
    rspec-support (3.11.0)
    rubocop (1.31.2)
      json (~> 2.3)
      parallel (~> 1.10)
      parser (>= 3.1.0.0)
      rainbow (>= 2.2.2, < 4.0)
      regexp_parser (>= 1.8, < 3.0)
      rexml (>= 3.2.5, < 4.0)
      rubocop-ast (>= 1.18.0, < 2.0)
      ruby-progressbar (~> 1.7)
      unicode-display_width (>= 1.4.0, < 3.0)
    rubocop-ast (1.19.1)
      parser (>= 3.1.1.0)
    rubocop-govuk (4.6.0)
      rubocop (= 1.31.2)
      rubocop-ast (= 1.19.1)
      rubocop-rails (= 2.15.2)
      rubocop-rake (= 0.6.0)
      rubocop-rspec (= 2.12.1)
    rubocop-performance (1.14.3)
      rubocop (>= 1.7.0, < 2.0)
      rubocop-ast (>= 0.4.0)
    rubocop-rails (2.15.2)
      activesupport (>= 4.2.0)
      rack (>= 1.1)
      rubocop (>= 1.7.0, < 2.0)
    rubocop-rake (0.6.0)
      rubocop (~> 1.0)
    rubocop-rspec (2.12.1)
      rubocop (~> 1.31)
    ruby-progressbar (1.11.0)
    ruby2_keywords (0.0.5)
    sentry-ruby (5.4.1)
      concurrent-ruby (~> 1.0, >= 1.0.2)
    timecop (0.9.5)
    timers (4.3.3)
    tzinfo (2.0.5)
      concurrent-ruby (~> 1.0)
    unicode-display_width (2.2.0)
    unleash (4.3.0)
      murmurhash3 (~> 0.1.6)
    webmock (3.17.0)
      addressable (>= 2.8.0)
      crack (>= 0.3.2)
      hashdiff (>= 0.4.0, < 2.0.0)
    zeitwerk (2.4.2)

PLATFORMS
  arm64-darwin-21
  x86_64-linux

DEPENDENCIES
  activerecord (~> 7.0)
  activesupport (~> 7.0)
  async (~> 2.0)
  concurrent-ruby (~> 1.1)
  database_cleaner-active_record (~> 2.0, >= 2.0.1)
  epb-auth-tools (~> 1.0)
  epb_view_models (~> 1.0)
  mock_redis (~> 0.32.0)
  nokogiri (~> 1.13)
  parallel (~> 1.22)
  pg (~> 1.4)
  rake (~> 13.0, >= 13.0.6)
  redis (~> 4.7)
  rexml (~> 3.2, >= 3.2.4)
  rspec (~> 3.10)
  rubocop-govuk (~> 4.6)
  rubocop-performance (~> 1.14)
  sentry-ruby (~> 5.4.1)
  timecop (~> 0.9.5)
  unleash (~> 4.3.0)
  webmock (~> 3.17)
  zeitwerk (~> 2.4, >= 2.4.2)

RUBY VERSION
   ruby 3.1.2p20

BUNDLED WITH
   2.3.15
